GEM
  remote: https://rubygems.org/
  specs:
    addressable (2.8.7)
      public_suffix (>= 2.0.2, < 7.0)
    ast (2.4.2)
    base64 (0.2.0)
    bigdecimal (3.1.8)
    bson (5.0.1)
    concurrent-ruby (1.3.4)
    connection_pool (2.4.1)
    csv (3.3.0)
    date (3.4.0)
    domain_name (0.6.20240107)
    faker (3.5.1)
      i18n (>= 1.8.11, < 2)
    http-cookie (1.0.7)
      domain_name (~> 0.5)
    httparty (0.22.0)
      csv
      mini_mime (>= 1.0.0)
      multi_xml (>= 0.5.2)
    i18n (1.14.6)
      concurrent-ruby (~> 1.0)
    json (2.8.2)
    language_server-protocol (3.17.0.3)
    logger (1.6.1)
    mail (2.8.1)
      mini_mime (>= 0.1.1)
      net-imap
      net-pop
      net-smtp
    mechanize (2.12.2)
      addressable (~> 2.8)
      base64
      domain_name (~> 0.5, >= 0.5.20190701)
      http-cookie (~> 1.0, >= 1.0.3)
      mime-types (~> 3.3)
      net-http-digest_auth (~> 1.4, >= 1.4.1)
      net-http-persistent (>= 2.5.2, < 5.0.dev)
      nkf
      nokogiri (~> 1.11, >= 1.11.2)
      rubyntlm (~> 0.6, >= 0.6.3)
      webrick (~> 1.7)
      webrobots (~> 0.1.2)
    mime-types (3.6.0)
      logger
      mime-types-data (~> 3.2015)
    mime-types-data (3.2024.1105)
    mini_mime (1.1.5)
    mongo (2.21.0)
      bson (>= 4.14.1, < 6.0.0)
    multi_xml (0.7.1)
      bigdecimal (~> 3.1)
    net-http-digest_auth (1.4.1)
    net-http-persistent (4.0.4)
      connection_pool (~> 2.2)
    net-imap (0.5.1)
      date
      net-protocol
    net-pop (0.1.2)
      net-protocol
    net-protocol (0.2.2)
      timeout
    net-smtp (0.5.0)
      net-protocol
    nkf (0.2.0)
    nokogiri (1.16.7-x64-mingw-ucrt)
      racc (~> 1.4)
    parallel (1.26.3)
    parser (3.3.6.0)
      ast (~> 2.4.1)
      racc
    pony (1.13.1)
      mail (>= 2.0)
    public_suffix (6.0.1)
    racc (1.8.1)
    rack (3.1.8)
    rainbow (3.1.1)
    redis-client (0.22.2)
      connection_pool
    regexp_parser (2.9.2)
    rubocop (1.68.0)
      json (~> 2.3)
      language_server-protocol (>= 3.17.0)
      parallel (~> 1.10)
      parser (>= 3.3.0.2)
      rainbow (>= 2.2.2, < 4.0)
      regexp_parser (>= 2.4, < 3.0)
      rubocop-ast (>= 1.32.2, < 2.0)
      ruby-progressbar (~> 1.7)
      unicode-display_width (>= 2.4.0, < 3.0)
    rubocop-ast (1.36.1)
      parser (>= 3.3.1.0)
    ruby-progressbar (1.13.0)
    rubyntlm (0.6.5)
      base64
    rubyzip (2.3.2)
    securerandom (0.3.2)
    sidekiq (7.3.5)
      connection_pool (>= 2.3.0)
      logger
      rack (>= 2.2.4)
      redis-client (>= 0.22.2)
    sqlite3 (2.2.0-x64-mingw-ucrt)
    timeout (0.4.2)
    unicode-display_width (2.6.0)
    webrick (1.9.0)
    webrobots (0.1.2)

PLATFORMS
  x64-mingw-ucrt

DEPENDENCIES
  faker
  httparty
  logger
  mechanize
  mongo
  nokogiri
  pony
  rubocop
  rubyzip (~> 2.3)
  securerandom
  sidekiq
  sqlite3

BUNDLED WITH
   2.5.23
